GEM
  remote: http://rubygems.org/
  specs:
    haml (3.1.1)
    json (1.7.7)
    rack (1.3.2)
    sinatra (1.2.6)
      rack (~> 1.1)
      tilt (>= 1.2.2, < 2.0)
    tilt (1.3.3)

PLATFORMS
  ruby

DEPENDENCIES
  haml
  json
  sinatra
